GEM
  remote: http://rubygems.org/
  specs:
    bson (1.9.2)
    bson_ext (1.9.2)
      bson (~> 1.9.2)
    cinch (2.0.11)
    json (1.8.1)
    mongo (1.9.2)
      bson (~> 1.9.2)

PLATFORMS
  ruby

DEPENDENCIES
  bson_ext
  cinch
  json
  mongo
